GEM
  remote: https://gems.ruby-china.com/
  specs:
    rack (2.0.7)

PLATFORMS
  ruby

DEPENDENCIES
  rack

RUBY VERSION
   ruby 2.3.1p112

BUNDLED WITH
   2.0.1
